GEM
  remote: https://rubygems.org/
  specs:
    minitest (5.11.3)

PLATFORMS
  ruby
  universal-darwin-21

DEPENDENCIES
  minitest

RUBY VERSION
   ruby 2.7.2p137

BUNDLED WITH
   2.3.20
