GEM
  remote: https://rubygems.org/
  specs:
    ast (2.4.2)
    diff-lcs (1.5.0)
    docile (1.4.0)
    minitest (5.11.3)
    mutant (0.11.14)
      diff-lcs (~> 1.3)
      parser (~> 3.1.0)
      regexp_parser (~> 2.3, >= 2.3.1)
      sorbet-runtime (~> 0.5.0)
      unparser (~> 0.6.5)
    mutant-minitest (0.11.14)
      minitest (~> 5.11)
      mutant (= 0.11.14)
    parser (3.1.2.1)
      ast (~> 2.4.1)
    regexp_parser (2.5.0)
    simplecov (0.21.2)
      docile (~> 1.1)
      simplecov-html (~> 0.11)
      simplecov_json_formatter (~> 0.1)
    simplecov-html (0.12.3)
    simplecov_json_formatter (0.1.4)
    sorbet-runtime (0.5.10354)
    unparser (0.6.5)
      diff-lcs (~> 1.3)
      parser (>= 3.1.0)

PLATFORMS
  ruby
  universal-darwin-21

DEPENDENCIES
  minitest
  mutant-minitest
  simplecov

RUBY VERSION
   ruby 2.7.2p137

BUNDLED WITH
   2.3.20
